{
    "TaskName": "eegfmriNF",
    "Manufacturer": "n/a",
    "PowerLineFrequency": "n/a",
    "SamplingFrequency": 5000.0,
    "SoftwareFilters": "n/a",
    "RecordingDuration": 448.8798,
    "RecordingType": "continuous",
    "EEGReference": "n/a",
    "EEGGround": "n/a",
    "EEGPlacementScheme": "based on the extended 10/20 system",
    "EEGChannelCount": 64,
    "EOGChannelCount": 0,
    "ECGChannelCount": 0,
    "EMGChannelCount": 0,
    "MiscChannelCount": 0,
    "TriggerChannelCount": 0
}
